GEM
  remote: https://rubygems.org/
  specs:
    cairo (1.14.3)
      pkg-config (>= 1.1.5)
    mini_portile2 (2.4.0)
    nokogiri (1.10.4)
      mini_portile2 (~> 2.4.0)
    pkg-config (1.1.6)

PLATFORMS
  ruby

DEPENDENCIES
  cairo
  nokogiri

BUNDLED WITH
   1.10.3
