GEM
  remote: https://rubygems.org/
  specs:
    cairo (1.14.3)
      pkg-config (>= 1.1.5)
    mini_portile2 (2.8.0)
    nokogiri (1.13.5)
      mini_portile2 (~> 2.8.0)
      racc (~> 1.4)
    pkg-config (1.1.6)
    racc (1.6.0)

PLATFORMS
  ruby

DEPENDENCIES
  cairo
  nokogiri

BUNDLED WITH
   1.10.3
