GEM
  remote: https://rubygems.org/
  specs:
    cairo (1.14.3)
      pkg-config (>= 1.1.5)
    mini_portile2 (2.5.1)
    nokogiri (1.11.4)
      mini_portile2 (~> 2.5.0)
      racc (~> 1.4)
    pkg-config (1.1.6)
    racc (1.5.2)

PLATFORMS
  ruby

DEPENDENCIES
  cairo
  nokogiri

BUNDLED WITH
   1.10.3
